GEM
  remote: https://rubygems.org/
  specs:
    ruby-progressbar (1.13.0)
    session (3.2.0)

PLATFORMS
  x86_64-linux

DEPENDENCIES
  ruby-progressbar
  session

BUNDLED WITH
   2.5.3
