GEM
  remote: https://rubygems.org/
  specs:
    session (3.2.0)

PLATFORMS
  x86_64-linux

DEPENDENCIES
  session

RUBY VERSION
   ruby 3.1.2p20

BUNDLED WITH
   2.3.7
